GEM
  remote: https://rubygems.org/
  specs:
    coderay (1.1.3)
    method_source (1.0.0)
    pry (0.13.1)
      coderay (~> 1.1)
      method_source (~> 1.0)
    rack (2.2.3)
    rack-test (1.1.0)
      rack (>= 1.0, < 3)

PLATFORMS
  ruby

DEPENDENCIES
  pry
  rack
  rack-test

BUNDLED WITH
   2.1.4
